GEM
  remote: https://rubygems.org/
  specs:
    ast (1.1.0)
    backports (3.6.0)
    better_errors (1.1.0)
      coderay (>= 1.0.0)
      erubis (>= 2.6.6)
    binding_of_caller (0.7.2)
      debug_inspector (>= 0.0.1)
    bitters (0.9.3)
      bourbon (>= 3.1)
      sass (>= 3.2)
      thor
    bourbon (3.1.8)
      sass (>= 3.2.0)
      thor
    builder (3.2.2)
    celluloid (0.15.2)
      timers (~> 1.1.0)
    celluloid-io (0.15.0)
      celluloid (>= 0.15.0)
      nio4r (>= 0.5.0)
    childprocess (0.5.2)
      ffi (~> 1.0, >= 1.0.11)
    coderay (1.1.0)
    cssmin (1.0.3)
    cucumber (1.3.14)
      builder (>= 2.1.2)
      diff-lcs (>= 1.1.3)
      gherkin (~> 2.12)
      multi_json (>= 1.7.5, < 2.0)
      multi_test (>= 0.1.1)
    daemons (1.1.9)
    debug_inspector (0.0.2)
    diff-lcs (1.2.5)
    em-websocket (0.5.0)
      eventmachine (>= 0.12.9)
      http_parser.rb (~> 0.5.3)
    erubis (2.7.0)
    eventmachine (1.0.3)
    execjs (2.0.2)
    ffi (1.9.3)
    formatador (0.2.4)
    gherkin (2.12.2)
      multi_json (~> 1.3)
    guard (2.6.0)
      formatador (>= 0.2.4)
      listen (~> 2.7)
      lumberjack (~> 1.0)
      pry (>= 0.9.12)
      thor (>= 0.18.1)
    guard-bundler (2.0.0)
      bundler (~> 1.0)
      guard (~> 2.2)
    guard-jammit (1.0.1)
      guard (>= 1.1.0)
      jammit
    guard-livereload (2.1.2)
      em-websocket (~> 0.5)
      guard (~> 2.0)
      multi_json (~> 1.8)
    guard-rack (1.4.0)
      ffi
      guard
      libnotify
      rb-inotify
      spoon
    guard-rspec (4.2.8)
      guard (~> 2.1)
      rspec (>= 2.14, < 4.0)
    guard-sass (1.4.0)
      guard (>= 1.1.0)
      sass (>= 3.1)
    guard-shell (0.6.1)
      guard (>= 1.1.0)
    http_parser.rb (0.5.3)
    jammit (0.6.6)
      cssmin (>= 1.0.3)
      jsmin (>= 1.0.1)
    jsmin (1.0.1)
    json (1.8.1)
    libnotify (0.8.2)
      ffi (>= 1.0.11)
    listen (2.7.1)
      celluloid (>= 0.15.2)
      celluloid-io (>= 0.15.0)
      rb-fsevent (>= 0.9.3)
      rb-inotify (>= 0.9)
    lumberjack (1.0.5)
    method_source (0.8.2)
    multi_json (1.9.2)
    multi_test (0.1.1)
    neat (1.6.0)
      bourbon (>= 3.1)
      sass (>= 3.3)
    nio4r (1.0.0)
    parser (2.1.7)
      ast (~> 1.1)
      slop (~> 3.4, >= 3.4.5)
    pg (0.17.1)
    powerpack (0.0.9)
    pry (0.9.12.6)
      coderay (~> 1.0)
      method_source (~> 0.8)
      slop (~> 3.4)
    puma (2.8.2)
      rack (>= 1.1, < 2.0)
    rack (1.6.13)
    rack-livereload (0.3.15)
      rack
    rack-protection (1.5.5)
      rack
    rack-test (0.6.2)
      rack (>= 1.0)
    rainbow (2.0.0)
    rb-fsevent (0.9.4)
    rb-inotify (0.9.3)
      ffi (>= 0.5.0)
    rb-readline (0.5.1)
    rspec (2.14.1)
      rspec-core (~> 2.14.0)
      rspec-expectations (~> 2.14.0)
      rspec-mocks (~> 2.14.0)
    rspec-core (2.14.8)
    rspec-expectations (2.14.5)
      diff-lcs (>= 1.1.3, < 2.0)
    rspec-mocks (2.14.6)
    rubocop (0.20.1)
      json (>= 1.7.7, < 2)
      parser (~> 2.1.7)
      powerpack (~> 0.0.6)
      rainbow (>= 1.99.1, < 3.0)
      ruby-progressbar (~> 1.4)
    ruby-progressbar (1.4.2)
    rubyzip (1.1.3)
    sass (3.3.4)
    selenium-webdriver (2.41.0)
      childprocess (>= 0.5.0)
      multi_json (~> 1.0)
      rubyzip (~> 1.0)
      websocket (~> 1.0.4)
    sinatra (1.4.5)
      rack (~> 1.4)
      rack-protection (~> 1.4)
      tilt (~> 1.3, >= 1.3.4)
    sinatra-contrib (1.4.2)
      backports (>= 2.0)
      multi_json
      rack-protection
      rack-test
      sinatra (~> 1.4.0)
      tilt (~> 1.3)
    slop (3.5.0)
    spoon (0.0.4)
      ffi
    thin (1.6.2)
      daemons (>= 1.0.9)
      eventmachine (>= 1.0.0)
      rack (>= 1.0.0)
    thor (0.19.1)
    tilt (1.4.1)
    timers (1.1.0)
    uglifier (2.5.0)
      execjs (>= 0.3.0)
      json (>= 1.8.0)
    watir-webdriver (0.6.9)
      selenium-webdriver (>= 2.18.0)
    websocket (1.0.7)

PLATFORMS
  ruby

DEPENDENCIES
  better_errors
  binding_of_caller
  bitters
  bourbon
  cucumber
  guard
  guard-bundler
  guard-jammit
  guard-livereload
  guard-rack
  guard-rspec
  guard-sass
  guard-shell
  jammit
  neat
  pg
  pry
  puma
  rack-livereload
  rack-test
  rb-readline
  rspec
  rubocop
  sass
  sinatra
  sinatra-contrib
  thin
  uglifier
  watir-webdriver
